GIT
  remote: https://github.com/cucumber/cucumber-ruby.git
  revision: a468bc682eec68ef5b5660a17c4c0e7e52cfc67b
  ref: a468bc6
  specs:
    cucumber (9.2.0)
      builder (~> 3.2)
      cucumber-ci-environment (> 9, < 11)
      cucumber-core (> 13, < 14)
      cucumber-cucumber-expressions (~> 17.0)
      cucumber-gherkin (> 24, < 28)
      cucumber-html-formatter (> 20.3, < 22)
      cucumber-messages (> 19, < 26)
      diff-lcs (~> 1.5)
      mini_mime (~> 1.1)
      multi_test (~> 1.1)
      sys-uname (~> 1.2)

GEM
  remote: https://rubygems.org/
  specs:
    Ascii85 (2.0.1)
    actioncable (7.2.2.1)
      actionpack (= 7.2.2.1)
      activesupport (= 7.2.2.1)
      nio4r (~> 2.0)
      websocket-driver (>= 0.6.1)
      zeitwerk (~> 2.6)
    actionmailbox (7.2.2.1)
      actionpack (= 7.2.2.1)
      activejob (= 7.2.2.1)
      activerecord (= 7.2.2.1)
      activestorage (= 7.2.2.1)
      activesupport (= 7.2.2.1)
      mail (>= 2.8.0)
    actionmailer (7.2.2.1)
      actionpack (= 7.2.2.1)
      actionview (= 7.2.2.1)
      activejob (= 7.2.2.1)
      activesupport (= 7.2.2.1)
      mail (>= 2.8.0)
      rails-dom-testing (~> 2.2)
    actionpack (7.2.2.1)
      actionview (= 7.2.2.1)
      activesupport (= 7.2.2.1)
      nokogiri (>= 1.8.5)
      racc
      rack (>= 2.2.4, < 3.2)
      rack-session (>= 1.0.1)
      rack-test (>= 0.6.3)
      rails-dom-testing (~> 2.2)
      rails-html-sanitizer (~> 1.6)
      useragent (~> 0.16)
    actiontext (7.2.2.1)
      actionpack (= 7.2.2.1)
      activerecord (= 7.2.2.1)
      activestorage (= 7.2.2.1)
      activesupport (= 7.2.2.1)
      globalid (>= 0.6.0)
      nokogiri (>= 1.8.5)
    actionview (7.2.2.1)
      activesupport (= 7.2.2.1)
      builder (~> 3.1)
      erubi (~> 1.11)
      rails-dom-testing (~> 2.2)
      rails-html-sanitizer (~> 1.6)
    active_model_serializers (0.10.15)
      actionpack (>= 4.1)
      activemodel (>= 4.1)
      case_transform (>= 0.2)
      jsonapi-renderer (>= 0.1.1.beta1, < 0.3)
    active_storage-postgresql (0.3.1)
      pg (>= 1.0, < 2.0, != 1.4.5, != 1.4.4, != 1.4.3, != 1.4.2, != 1.4.1, != 1.4.0, != 1.3.5, != 1.3.4, != 1.3.3, != 1.3.2, != 1.3.1, != 1.3.0)
      rails (>= 6.0)
    active_storage_validations (1.4.0)
      activejob (>= 6.1.4)
      activemodel (>= 6.1.4)
      activestorage (>= 6.1.4)
      activesupport (>= 6.1.4)
      marcel (>= 1.0.3)
    activeadmin (3.2.5)
      arbre (~> 1.2, >= 1.2.1)
      csv
      formtastic (>= 3.1)
      formtastic_i18n (>= 0.4)
      inherited_resources (~> 1.7)
      jquery-rails (>= 4.2)
      kaminari (>= 1.2.1)
      railties (>= 6.1)
      ransack (>= 4.0)
    activejob (7.2.2.1)
      activesupport (= 7.2.2.1)
      globalid (>= 0.3.6)
    activemodel (7.2.2.1)
      activesupport (= 7.2.2.1)
    activerecord (7.2.2.1)
      activemodel (= 7.2.2.1)
      activesupport (= 7.2.2.1)
      timeout (>= 0.4.0)
    activestorage (7.2.2.1)
      actionpack (= 7.2.2.1)
      activejob (= 7.2.2.1)
      activerecord (= 7.2.2.1)
      activesupport (= 7.2.2.1)
      marcel (~> 1.0)
    activesupport (7.2.2.1)
      base64
      benchmark (>= 0.3)
      bigdecimal
      concurrent-ruby (~> 1.0, >= 1.3.1)
      connection_pool (>= 2.2.5)
      drb
      i18n (>= 1.6, < 2)
      logger (>= 1.4.2)
      minitest (>= 5.1)
      securerandom (>= 0.3)
      tzinfo (~> 2.0, >= 2.0.5)
    addressable (2.8.7)
      public_suffix (>= 2.0.2, < 7.0)
    afm (0.2.2)
    arbre (1.7.0)
      activesupport (>= 3.0.0)
      ruby2_keywords (>= 0.0.2)
    ast (2.4.2)
    baran (0.1.12)
    base64 (0.2.0)
    benchmark (0.4.0)
    bigdecimal (3.1.9)
    bindex (0.8.1)
    bootsnap (1.18.4)
      msgpack (~> 1.2)
    brakeman (6.2.2)
      racc
    builder (3.3.0)
    bundler-audit (0.9.2)
      bundler (>= 1.2.0, < 3)
      thor (~> 1.0)
    capybara (3.40.0)
      addressable
      matrix
      mini_mime (>= 0.1.3)
      nokogiri (~> 1.11)
      rack (>= 1.6.0)
      rack-test (>= 0.6.3)
      regexp_parser (>= 1.5, < 3.0)
      xpath (~> 3.2)
    case_transform (0.2)
      activesupport
    coderay (1.1.3)
    concurrent-ruby (1.3.5)
    connection_pool (2.5.0)
    crack (1.0.0)
      bigdecimal
      rexml
    crass (1.0.6)
    csv (3.3.2)
    cucumber-ci-environment (10.0.1)
    cucumber-core (13.0.3)
      cucumber-gherkin (>= 27, < 28)
      cucumber-messages (>= 20, < 23)
      cucumber-tag-expressions (> 5, < 7)
    cucumber-cucumber-expressions (17.1.0)
      bigdecimal
    cucumber-gherkin (27.0.0)
      cucumber-messages (>= 19.1.4, < 23)
    cucumber-html-formatter (21.9.0)
      cucumber-messages (> 19, < 28)
    cucumber-messages (22.0.0)
    cucumber-rails (3.1.1)
      capybara (>= 3.11, < 4)
      cucumber (>= 5, < 10)
      railties (>= 5.2, < 9)
    cucumber-tag-expressions (6.1.2)
    date (3.4.1)
    debug (1.10.0)
      irb (~> 1.10)
      reline (>= 0.3.8)
    diff-lcs (1.6.0)
    dotenv (3.1.7)
    dotenv-rails (3.1.7)
      dotenv (= 3.1.7)
      railties (>= 6.1)
    drb (2.2.1)
    dsfr-view-components (1.5.3)
      html-attributes-utils (~> 1)
      pagy (~> 6)
      view_component (~> 2)
    erubi (1.13.1)
    et-orbi (1.2.11)
      tzinfo
    ethon (0.16.0)
      ffi (>= 1.15.0)
    factory_bot (6.5.1)
      activesupport (>= 6.1.0)
    factory_bot_rails (6.4.4)
      factory_bot (~> 6.5)
      railties (>= 5.0.0)
    faker (3.5.1)
      i18n (>= 1.8.11, < 2)
    faraday (2.12.2)
      faraday-net_http (>= 2.0, < 3.5)
      json
      logger
    faraday-net_http (3.4.0)
      net-http (>= 0.5.0)
    ffi (1.17.1-aarch64-linux-gnu)
    ffi (1.17.1-arm64-darwin)
    ffi (1.17.1-x86_64-linux-gnu)
    formatador (1.1.0)
    formtastic (5.0.0)
      actionpack (>= 6.0.0)
    formtastic_i18n (0.7.0)
    fugit (1.11.1)
      et-orbi (~> 1, >= 1.2.11)
      raabro (~> 1.4)
    globalid (1.2.1)
      activesupport (>= 6.1)
    good_job (4.9.3)
      activejob (>= 6.1.0)
      activerecord (>= 6.1.0)
      concurrent-ruby (>= 1.3.1)
      fugit (>= 1.11.0)
      railties (>= 6.1.0)
      thor (>= 1.0.0)
    guard (2.19.1)
      formatador (>= 0.2.4)
      listen (>= 2.7, < 4.0)
      logger (~> 1.6)
      lumberjack (>= 1.0.12, < 2.0)
      nenv (~> 0.1)
      notiffany (~> 0.0)
      ostruct (~> 0.6)
      pry (>= 0.13.0)
      shellany (~> 0.0)
      thor (>= 0.18.1)
    guard-compat (1.2.1)
    guard-cucumber (3.0.0)
      cucumber (>= 3.1)
      nenv (>= 0.1)
    guard-rspec (4.7.3)
      guard (~> 2.1)
      guard-compat (~> 1.1)
      rspec (>= 2.99.0, < 4.0)
    has_scope (0.8.2)
      actionpack (>= 5.2)
      activesupport (>= 5.2)
    hashdiff (1.1.2)
    hashery (2.1.2)
    html-attributes-utils (1.0.2)
      activesupport (>= 6.1.4.4)
    i18n (1.14.7)
      concurrent-ruby (~> 1.0)
    importmap-rails (2.1.0)
      actionpack (>= 6.0.0)
      activesupport (>= 6.0.0)
      railties (>= 6.0.0)
    inherited_resources (1.14.0)
      actionpack (>= 6.0)
      has_scope (>= 0.6)
      railties (>= 6.0)
      responders (>= 2)
    io-console (0.8.0)
    irb (1.15.1)
      pp (>= 0.6.0)
      rdoc (>= 4.0.0)
      reline (>= 0.4.2)
    jbuilder (2.13.0)
      actionview (>= 5.0.0)
      activesupport (>= 5.0.0)
    jquery-rails (4.6.0)
      rails-dom-testing (>= 1, < 3)
      railties (>= 4.2.0)
      thor (>= 0.14, < 2.0)
    json (2.10.1)
    json-schema (4.3.1)
      addressable (>= 2.8)
    jsonapi-renderer (0.2.2)
    kaminari (1.2.2)
      activesupport (>= 4.1.0)
      kaminari-actionview (= 1.2.2)
      kaminari-activerecord (= 1.2.2)
      kaminari-core (= 1.2.2)
    kaminari-actionview (1.2.2)
      actionview
      kaminari-core (= 1.2.2)
    kaminari-activerecord (1.2.2)
      activerecord
      kaminari-core (= 1.2.2)
    kaminari-core (1.2.2)
    langchainrb (0.19.4)
      baran (~> 0.1.9)
      csv
      json-schema (~> 4)
      matrix
      pragmatic_segmenter (~> 0.3.0)
      zeitwerk (~> 2.5)
    language_server-protocol (3.17.0.4)
    lint_roller (1.1.0)
    listen (3.9.0)
      rb-fsevent (~> 0.10, >= 0.10.3)
      rb-inotify (~> 0.9, >= 0.9.10)
    logger (1.6.6)
    loofah (2.24.0)
      crass (~> 1.0.2)
      nokogiri (>= 1.12.0)
    lumberjack (1.2.10)
    mail (2.8.1)
      mini_mime (>= 0.1.1)
      net-imap
      net-pop
      net-smtp
    marcel (1.0.4)
    matrix (0.4.2)
    method_source (1.1.0)
    mime-types (3.6.0)
      logger
      mime-types-data (~> 3.2015)
    mime-types-data (3.2025.0304)
    mini_magick (5.2.0)
      benchmark
      logger
    mini_mime (1.1.5)
    minitest (5.25.4)
    msgpack (1.8.0)
    multi_test (1.1.0)
    nenv (0.3.0)
    net-http (0.6.0)
      uri
    net-imap (0.5.6)
      date
      net-protocol
    net-pop (0.1.2)
      net-protocol
    net-protocol (0.2.2)
      timeout
    net-smtp (0.5.1)
      net-protocol
    nio4r (2.7.4)
    nokogiri (1.18.3-aarch64-linux-gnu)
      racc (~> 1.4)
    nokogiri (1.18.3-arm64-darwin)
      racc (~> 1.4)
    nokogiri (1.18.3-x86_64-linux-gnu)
      racc (~> 1.4)
    notiffany (0.1.3)
      nenv (~> 0.1)
      shellany (~> 0.0)
    ostruct (0.6.1)
    pagy (6.5.0)
    parallel (1.26.3)
    parser (3.3.7.1)
      ast (~> 2.4.1)
      racc
    pdf-reader (2.14.1)
      Ascii85 (>= 1.0, < 3.0, != 2.0.0)
      afm (~> 0.2.1)
      hashery (~> 2.0)
      ruby-rc4
      ttfunk
    pg (1.5.9)
    pp (0.6.2)
      prettyprint
    pragmatic_segmenter (0.3.24)
    prettyprint (0.2.0)
    pry (0.15.2)
      coderay (~> 1.1)
      method_source (~> 1.0)
    psych (5.2.3)
      date
      stringio
    public_suffix (6.0.1)
    puma (6.6.0)
      nio4r (~> 2.0)
    raabro (1.4.0)
    racc (1.8.1)
    rack (2.2.13)
    rack-cors (2.0.2)
      rack (>= 2.0.0)
    rack-session (1.0.2)
      rack (< 3)
    rack-test (2.2.0)
      rack (>= 1.3)
    rackup (1.0.1)
      rack (< 3)
      webrick
    rails (7.2.2.1)
      actioncable (= 7.2.2.1)
      actionmailbox (= 7.2.2.1)
      actionmailer (= 7.2.2.1)
      actionpack (= 7.2.2.1)
      actiontext (= 7.2.2.1)
      actionview (= 7.2.2.1)
      activejob (= 7.2.2.1)
      activemodel (= 7.2.2.1)
      activerecord (= 7.2.2.1)
      activestorage (= 7.2.2.1)
      activesupport (= 7.2.2.1)
      bundler (>= 1.15.0)
      railties (= 7.2.2.1)
    rails-dom-testing (2.2.0)
      activesupport (>= 5.0.0)
      minitest
      nokogiri (>= 1.6)
    rails-html-sanitizer (1.6.2)
      loofah (~> 2.21)
      nokogiri (>= 1.15.7, != 1.16.7, != 1.16.6, != 1.16.5, != 1.16.4, != 1.16.3, != 1.16.2, != 1.16.1, != 1.16.0.rc1, != 1.16.0)
    railties (7.2.2.1)
      actionpack (= 7.2.2.1)
      activesupport (= 7.2.2.1)
      irb (~> 1.13)
      rackup (>= 1.0.0)
      rake (>= 12.2)
      thor (~> 1.0, >= 1.2.2)
      zeitwerk (~> 2.6)
    rainbow (3.1.1)
    rake (13.2.1)
    ransack (4.3.0)
      activerecord (>= 6.1.5)
      activesupport (>= 6.1.5)
      i18n
    rb-fsevent (0.11.2)
    rb-inotify (0.11.1)
      ffi (~> 1.0)
    rdoc (6.12.0)
      psych (>= 4.0.0)
    regexp_parser (2.10.0)
    reline (0.6.0)
      io-console (~> 0.5)
    responders (3.1.1)
      actionpack (>= 5.2)
      railties (>= 5.2)
    rexml (3.4.1)
    rspec (3.13.0)
      rspec-core (~> 3.13.0)
      rspec-expectations (~> 3.13.0)
      rspec-mocks (~> 3.13.0)
    rspec-core (3.13.3)
      rspec-support (~> 3.13.0)
    rspec-expectations (3.13.3)
      diff-lcs (>= 1.2.0, < 2.0)
      rspec-support (~> 3.13.0)
    rspec-mocks (3.13.2)
      diff-lcs (>= 1.2.0, < 2.0)
      rspec-support (~> 3.13.0)
    rspec-rails (7.1.1)
      actionpack (>= 7.0)
      activesupport (>= 7.0)
      railties (>= 7.0)
      rspec-core (~> 3.13)
      rspec-expectations (~> 3.13)
      rspec-mocks (~> 3.13)
      rspec-support (~> 3.13)
    rspec-support (3.13.2)
    rswag-api (2.16.0)
      activesupport (>= 5.2, < 8.1)
      railties (>= 5.2, < 8.1)
    rswag-specs (2.16.0)
      activesupport (>= 5.2, < 8.1)
      json-schema (>= 2.2, < 6.0)
      railties (>= 5.2, < 8.1)
      rspec-core (>= 2.14)
    rswag-ui (2.16.0)
      actionpack (>= 5.2, < 8.1)
      railties (>= 5.2, < 8.1)
    rtesseract (3.1.3)
    rubocop (1.72.2)
      json (~> 2.3)
      language_server-protocol (~> 3.17.0.2)
      lint_roller (~> 1.1.0)
      parallel (~> 1.10)
      parser (>= 3.3.0.2)
      rainbow (>= 2.2.2, < 4.0)
      regexp_parser (>= 2.9.3, < 3.0)
      rubocop-ast (>= 1.38.0, < 2.0)
      ruby-progressbar (~> 1.7)
      unicode-display_width (>= 2.4.0, < 4.0)
    rubocop-ast (1.38.1)
      parser (>= 3.3.1.0)
    rubocop-capybara (2.21.0)
      rubocop (~> 1.41)
    rubocop-factory_bot (2.26.1)
      rubocop (~> 1.61)
    rubocop-rails (2.30.3)
      activesupport (>= 4.2.0)
      lint_roller (~> 1.1)
      rack (>= 1.1)
      rubocop (>= 1.72.1, < 2.0)
      rubocop-ast (>= 1.38.0, < 2.0)
    rubocop-rspec (3.5.0)
      lint_roller (~> 1.1)
      rubocop (~> 1.72, >= 1.72.1)
    rubocop-rspec_rails (2.30.0)
      rubocop (~> 1.61)
      rubocop-rspec (~> 3, >= 3.0.1)
    ruby-progressbar (1.13.0)
    ruby-rc4 (0.1.5)
    ruby2_keywords (0.0.5)
    sassc (2.4.0)
      ffi (~> 1.9)
    sassc-rails (2.1.2)
      railties (>= 4.0.0)
      sassc (>= 2.0)
      sprockets (> 3.0)
      sprockets-rails
      tilt
    securerandom (0.4.1)
    sentry-rails (5.22.4)
      railties (>= 5.0)
      sentry-ruby (~> 5.22.4)
    sentry-ruby (5.22.4)
      bigdecimal
      concurrent-ruby (~> 1.0, >= 1.0.2)
    shellany (0.0.1)
    sib-api-v3-sdk (9.1.0)
      addressable (~> 2.3, >= 2.3.0)
      json (~> 2.1, >= 2.1.0)
      typhoeus (~> 1.0, >= 1.0.1)
    sprockets (4.2.1)
      concurrent-ruby (~> 1.0)
      rack (>= 2.2.4, < 4)
    sprockets-rails (3.5.2)
      actionpack (>= 6.1)
      activesupport (>= 6.1)
      sprockets (>= 3.0.0)
    stimulus-rails (1.3.4)
      railties (>= 6.0.0)
    stringio (3.1.5)
    strip_attributes (2.0.0)
      activemodel (>= 3.0, < 9.0)
    sys-uname (1.3.1)
      ffi (~> 1.1)
    thor (1.3.2)
    tilt (2.6.0)
    timeout (0.4.3)
    ttfunk (1.8.0)
      bigdecimal (~> 3.1)
    turbo-rails (2.0.13)
      actionpack (>= 7.1.0)
      railties (>= 7.1.0)
    typhoeus (1.4.1)
      ethon (>= 0.9.0)
    tzinfo (2.0.6)
      concurrent-ruby (~> 1.0)
    unicode-display_width (2.6.0)
    uri (1.0.3)
    useragent (0.16.11)
    vcr (6.3.1)
      base64
    view_component (2.83.0)
      activesupport (>= 5.2.0, < 8.0)
      concurrent-ruby (~> 1.0)
      method_source (~> 1.0)
    web-console (4.2.1)
      actionview (>= 6.0.0)
      activemodel (>= 6.0.0)
      bindex (>= 0.4.0)
      railties (>= 6.0.0)
    webmock (3.25.1)
      addressable (>= 2.8.0)
      crack (>= 0.3.2)
      hashdiff (>= 0.4.0, < 2.0.0)
    webrick (1.9.1)
    websocket-driver (0.7.7)
      base64
      websocket-extensions (>= 0.1.0)
    websocket-extensions (0.1.5)
    xpath (3.2.0)
      nokogiri (~> 1.8)
    zeitwerk (2.7.2)

PLATFORMS
  aarch64-linux
  arm64-darwin-23
  arm64-darwin-24
  x86_64-linux

DEPENDENCIES
  active_model_serializers
  active_storage-postgresql
  active_storage_validations
  activeadmin
  bootsnap
  brakeman
  bundler-audit
  capybara
  concurrent-ruby
  csv
  cucumber!
  cucumber-rails
  debug
  diff-lcs
  dotenv-rails
  dsfr-view-components
  factory_bot_rails
  faker
  faraday
  good_job
  guard
  guard-cucumber
  guard-rspec
  importmap-rails
  jbuilder
  langchainrb (>= 0.19)
  mime-types
  mini_magick
  ostruct
  parallel
  pdf-reader
  pg
  puma (~> 6.0)
  rack-cors
  rails
  rspec
  rspec-rails
  rswag-api
  rswag-specs
  rswag-ui
  rtesseract
  rubocop
  rubocop-capybara
  rubocop-factory_bot
  rubocop-rails
  rubocop-rspec
  rubocop-rspec_rails
  sassc-rails
  sentry-rails
  sentry-ruby
  sib-api-v3-sdk
  sprockets-rails
  stimulus-rails
  strip_attributes
  turbo-rails
  tzinfo-data
  vcr
  web-console
  webmock

CHECKSUMS
  Ascii85 (2.0.1) sha256=15cb5d941808543cbb9e7e6aea3c8ec3877f154c3461e8b3673e97f7ecedbe5a
  actioncable (7.2.2.1) sha256=5b3b885075a80767d63cbf2b586cbf82466a241675b7985233f957abb01bffb4
  actionmailbox (7.2.2.1) sha256=896a47c2520f4507c75dde67c6ea1f5eec3a041fe7bfbf3568c4e0149a080e25
  actionmailer (7.2.2.1) sha256=b02ae523c32c8ad762d4db941e76f3c108c106030132247ee7a7b8c86bc7b21f
  actionpack (7.2.2.1) sha256=17b2160a7bcbd5a569d06b1ae54a4bb5ccc7ba0815d73ff5768100a79dc1f734
  actiontext (7.2.2.1) sha256=f369cee41a6674b697bf9257d917a3dce575a2c89935af437b432d6737a3f0d6
  actionview (7.2.2.1) sha256=69fc880cf3d8b1baf21b048cf7bb68f1eef08760ff8104d7d60a6a1be8b359a5
  active_model_serializers (0.10.15) sha256=08275b2083ab4e8304279d838b99af546878e0d879a8154f731b0d16cb8b0c4c
  active_storage-postgresql (0.3.1) sha256=860714c199ae77b0e836eaa1c7c68706716742a30de169203a57a8c039a20781
  active_storage_validations (1.4.0) sha256=0ecd80d46c9d7a657020dfeb335041cb12e779e11ccd9ddc3946e77679537b00
  activeadmin (3.2.5) sha256=9d125d17d5715bf0b55781319d645dc03bd460b0cb7cab213d87c55feffc3f18
  activejob (7.2.2.1) sha256=f2f95a8573b394aa4f7c24843f0c4a6065c073a5c64d6f15ecd98d98c2c23e5b
  activemodel (7.2.2.1) sha256=8398861f9ee2c4671a8357ab39e9b38a045fd656f6685a3dd5890c2419dbfdaf
  activerecord (7.2.2.1) sha256=79a31f71c32d5138717c2104e0ff105f5d82922247c85bdca144f2720e67fab9
  activestorage (7.2.2.1) sha256=b4ec35ff94d4d6656ee6952ce439c3f80e249552d49fd2d3996ee53880c5525f
  activesupport (7.2.2.1) sha256=842bcbf8a92977f80fb4750661a237cf5dd4fdd442066b3c35e88afb488647f5
  addressable (2.8.7) sha256=462986537cf3735ab5f3c0f557f14155d778f4b43ea4f485a9deb9c8f7c58232
  afm (0.2.2) sha256=c83e698e759ab0063331ff84ca39c4673b03318f4ddcbe8e90177dd01e4c721a
  arbre (1.7.0) sha256=20c76c26390924422407aa8eb849ae859b903a95bb9c19eb2f8e05fe1e40c83d
  ast (2.4.2) sha256=1e280232e6a33754cde542bc5ef85520b74db2aac73ec14acef453784447cc12
  baran (0.1.12) sha256=32c1362c3bc7506fb75a2b3f6123dd9c4b3e2e721c066a9a7e6e63893082af94
  base64 (0.2.0) sha256=0f25e9b21a02a0cc0cea8ef92b2041035d39350946e8789c562b2d1a3da01507
  benchmark (0.4.0) sha256=0f12f8c495545e3710c3e4f0480f63f06b4c842cc94cec7f33a956f5180e874a
  bigdecimal (3.1.9) sha256=2ffc742031521ad69c2dfc815a98e426a230a3d22aeac1995826a75dabfad8cc
  bindex (0.8.1) sha256=7b1ecc9dc539ed8bccfc8cb4d2732046227b09d6f37582ff12e50a5047ceb17e
  bootsnap (1.18.4) sha256=ac4c42af397f7ee15521820198daeff545e4c360d2772c601fbdc2c07d92af55
  brakeman (6.2.2) sha256=d502d653699f4d451b21225ff4d19a9ec9345d23eaab5576e246185ffd7bf618
  builder (3.3.0) sha256=497918d2f9dca528fdca4b88d84e4ef4387256d984b8154e9d5d3fe5a9c8835f
  bundler-audit (0.9.2) sha256=73051daa09865c436450a35c4d87ceef15f3f9777f4aad4fd015cc6f1f2b1048
  capybara (3.40.0) sha256=42dba720578ea1ca65fd7a41d163dd368502c191804558f6e0f71b391054aeef
  case_transform (0.2) sha256=e2ad4418dceeb227cf474cc332cd5004c95c136c04186c1cceaad8ab8de6fe3b
  coderay (1.1.3) sha256=dc530018a4684512f8f38143cd2a096c9f02a1fc2459edcfe534787a7fc77d4b
  concurrent-ruby (1.3.5) sha256=813b3e37aca6df2a21a3b9f1d497f8cbab24a2b94cab325bffe65ee0f6cbebc6
  connection_pool (2.5.0) sha256=233b92f8d38e038c1349ccea65dd3772727d669d6d2e71f9897c8bf5cd53ebfc
  crack (1.0.0) sha256=c83aefdb428cdc7b66c7f287e488c796f055c0839e6e545fec2c7047743c4a49
  crass (1.0.6) sha256=dc516022a56e7b3b156099abc81b6d2b08ea1ed12676ac7a5657617f012bd45d
  csv (3.3.2) sha256=6ff0c135e65e485d1864dde6c1703b60d34cc9e19bed8452834a0b28a519bd4e
  cucumber (9.2.0)
  cucumber-ci-environment (10.0.1) sha256=bb6e3fcec85c981dff4561997e8675a7123eead5fe9e587d2ad7568adbe18631
  cucumber-core (13.0.3) sha256=e01c28d658dc0a8d5804507e0b63b58ba0e4fbe8e7d50f8f19c17b44872c5344
  cucumber-cucumber-expressions (17.1.0) sha256=a1be9df1e5d787f62ff89e5a96c9a78e2e3b989cef7bf698f22cd5efd699d391
  cucumber-gherkin (27.0.0) sha256=2e6a8212c1d0107f95d75082e8bd5f05ace4e42dd77a396c7b713be3a8067718
  cucumber-html-formatter (21.9.0) sha256=d6e9b62d90843ff94ddedea693759d52aac0b226c09c7b819a4bca789f796ea1
  cucumber-messages (22.0.0) sha256=d08a6c228675dd036896bebe82a29750cbdc4dacd461e39edd1199dfa36da719
  cucumber-rails (3.1.1) sha256=b9234147d94699638b77471256d0f06e9d1fe21803aee12cd12c9e7524c9aa02
  cucumber-tag-expressions (6.1.2) sha256=f790e4e820b80d453e83c6a462ed6de36b9477b046543322f646c1e8c275916d
  date (3.4.1) sha256=bf268e14ef7158009bfeaec40b5fa3c7271906e88b196d958a89d4b408abe64f
  debug (1.10.0) sha256=11e28ca74875979e612444104f3972bd5ffb9e79179907d7ad46dba44bd2e7a4
  diff-lcs (1.6.0) sha256=a1e7f7b272962f8fc769358ad00001b87cdcf32ba349d6c70c6b544613d2da2e
  dotenv (3.1.7) sha256=c670df478675d23889e657beaca6fb423228f75ce9f052a0690c0d0daa333cf3
  dotenv-rails (3.1.7) sha256=02c07b9601ad64046e196f48f6280c2cc660b073e08b30ad5c2f78b4872e9189
  drb (2.2.1) sha256=e9d472bf785f558b96b25358bae115646da0dbfd45107ad858b0bc0d935cb340
  dsfr-view-components (1.5.3) sha256=7bb9c1b66648d602ae3628cf271b6e93d27a9097e199e10faaec45d13a8cc875
  erubi (1.13.1) sha256=a082103b0885dbc5ecf1172fede897f9ebdb745a4b97a5e8dc63953db1ee4ad9
  et-orbi (1.2.11) sha256=d26e868cc21db88280a9ec1a50aa3da5d267eb9b2037ba7b831d6c2731f5df64
  ethon (0.16.0) sha256=bba0da1cea8ac3e1f5cdd7cb1cb5fc78d7ac562c33736f18f0c3eb2b63053d9e
  factory_bot (6.5.1) sha256=40581ea7bec0aee05514b8f4f99ed477274bdf1884c1372de5209e60322d6ca9
  factory_bot_rails (6.4.4) sha256=139e17caa2c50f098fddf5e5e1f29e8067352024e91ca1186d018b36589e5c88
  faker (3.5.1) sha256=1ad1fbea279d882f486059c23fe3ddb816ccd1d7052c05a45014b4450d859bfc
  faraday (2.12.2) sha256=157339c25c7b8bcb739f5cf1207cb0cefe8fa1c65027266bcbc34c90c84b9ad6
  faraday-net_http (3.4.0) sha256=a1f1e4cd6a2cf21599c8221595e27582d9936819977bbd4089a601f24c64e54a
  ffi (1.17.1-aarch64-linux-gnu) sha256=c5d22cb545a3a691d46060f1343c461d1a8d38c3fd71b96b4cbbe6906bf1fd38
  ffi (1.17.1-arm64-darwin) sha256=a8e04f79d375742c54ee7f9fff4b4022b87200a4ec0eb082128d3b6559e67b4d
  ffi (1.17.1-x86_64-linux-gnu) sha256=8c0ade2a5d19f3672bccfe3b58e016ae5f159e3e2e741c856db87fcf07c903d0
  formatador (1.1.0) sha256=54e23e2af4d60bb9327c7fac62b29968e4cf28cee0111f726d0bdeadc85e06d0
  formtastic (5.0.0) sha256=71cc99c8227208f64da8d2b0926d97cef1e5f77e0105047cd57fddeccd3a6416
  formtastic_i18n (0.7.0) sha256=ecef51c9e9030c00f19e69d2483b77f4515c9587d74268b76cf4b6e7988c8e78
  fugit (1.11.1) sha256=e89485e7be22226d8e9c6da411664d0660284b4b1c08cacb540f505907869868
  globalid (1.2.1) sha256=70bf76711871f843dbba72beb8613229a49429d1866828476f9c9d6ccc327ce9
  good_job (4.9.3) sha256=537e5dfe1069354faf6f9c56a00b1c4bb0ef88330e2aa03a78927cebceb19c84
  guard (2.19.1) sha256=b8bc52694be3d8b26730280de7dcec7fe92ea1cff3414246fe96af3f23580f3d
  guard-compat (1.2.1) sha256=3ad21ab0070107f92edfd82610b5cdc2fb8e368851e72362ada9703443d646fe
  guard-cucumber (3.0.0) sha256=6a21b666e2b5a927c7d046f4e6cf609ec057e226bf883f066a650e57e04aeac0
  guard-rspec (4.7.3) sha256=a47ba03cbd1e3c71e6ae8645cea97e203098a248aede507461a43e906e2f75ca
  has_scope (0.8.2) sha256=48cd53d684aecd55d3ede060b3c1da37bbbcab58e273d99936e271fe6d125a54
  hashdiff (1.1.2) sha256=2c30eeded6ed3dce8401d2b5b99e6963fe5f14ed85e60dd9e33c545a44b71a77
  hashery (2.1.2) sha256=d239cc2310401903f6b79d458c2bbef5bf74c46f3f974ae9c1061fb74a404862
  html-attributes-utils (1.0.2) sha256=594e0b37b3dd4e554abe893bee9719896f876675fd08fe534fc2e6e1b4e2538c
  i18n (1.14.7) sha256=ceba573f8138ff2c0915427f1fc5bdf4aa3ab8ae88c8ce255eb3ecf0a11a5d0f
  importmap-rails (2.1.0) sha256=9f10c67d60651a547579f448100d033df311c5d5db578301374aeb774faae741
  inherited_resources (1.14.0) sha256=c90327c2898aa1354c0e4bc46616cb35eadef6d135746e23a83ca09987b2a308
  io-console (0.8.0) sha256=cd6a9facbc69871d69b2cb8b926fc6ea7ef06f06e505e81a64f14a470fddefa2
  irb (1.15.1) sha256=d9bca745ac4207a8b728a52b98b766ca909b86ff1a504bcde3d6f8c84faae890
  jbuilder (2.13.0) sha256=7200a38a1c0081aa81b7a9757e7a299db75bc58cf1fd45ca7919a91627d227d6
  jquery-rails (4.6.0) sha256=3c4e6bf47274340b44d836b8aa1b5472c6d451e2739af5ec094421f39025a7e2
  json (2.10.1) sha256=ddc88ad91a1baf3f0038c174f253af3b086d30dc74db17ca4259bbde982f94dc
  json-schema (4.3.1) sha256=d5e68dc32b94408d0b06ad04f9382ccbb6fe5a44910e066f8547f56c471a7825
  jsonapi-renderer (0.2.2) sha256=b5c44b033d61b4abdb6500fa4ab84807ca0b36ea0e59e47a2c3ca7095a6e447b
  kaminari (1.2.2) sha256=c4076ff9adccc6109408333f87b5c4abbda5e39dc464bd4c66d06d9f73442a3e
  kaminari-actionview (1.2.2) sha256=1330f6fc8b59a4a4ef6a549ff8a224797289ebf7a3a503e8c1652535287cc909
  kaminari-activerecord (1.2.2) sha256=0dd3a67bab356a356f36b3b7236bcb81cef313095365befe8e98057dd2472430
  kaminari-core (1.2.2) sha256=3bd26fec7370645af40ca73b9426a448d09b8a8ba7afa9ba3c3e0d39cdbb83ff
  langchainrb (0.19.4) sha256=ed0b1b65e368fecc42b04c545bba9cd7ce31c12c20cb7bf87fde52cdd283cc47
  language_server-protocol (3.17.0.4) sha256=c484626478664fd13482d8180947c50a8590484b1258b99b7aedb3b69df89669
  lint_roller (1.1.0) sha256=2c0c845b632a7d172cb849cc90c1bce937a28c5c8ccccb50dfd46a485003cc87
  listen (3.9.0) sha256=db9e4424e0e5834480385197c139cb6b0ae0ef28cc13310cfd1ca78377d59c67
  logger (1.6.6) sha256=dd618d24e637715472732e7eed02e33cfbdf56deaad225edd0f1f89d38024017
  loofah (2.24.0) sha256=61e6a710883abb8210887f3dc868cf3ed66594c509d9ff6987621efa6651ee1e
  lumberjack (1.2.10) sha256=bbfe951629341095028ecbf1ad496b58bec3f8bcad6fe35a203a377839c42b6c
  mail (2.8.1) sha256=ec3b9fadcf2b3755c78785cb17bc9a0ca9ee9857108a64b6f5cfc9c0b5bfc9ad
  marcel (1.0.4) sha256=0d5649feb64b8f19f3d3468b96c680bae9746335d02194270287868a661516a4
  matrix (0.4.2) sha256=71083ccbd67a14a43bfa78d3e4dc0f4b503b9cc18e5b4b1d686dc0f9ef7c4cc0
  method_source (1.1.0) sha256=181301c9c45b731b4769bc81e8860e72f9161ad7d66dd99103c9ab84f560f5c5
  mime-types (3.6.0) sha256=6f71db957840ceae44211531eff3e2f7e0dd4645fefb5f535dbaeb6307ab6464
  mime-types-data (3.2025.0304) sha256=7ed9385881432d708b7f4e9cf2a4a9e1d4e8bf8abcd08283c23a0d5cd7205097
  mini_magick (5.2.0) sha256=2757ffbfdb1d38242d1da9ff1505360ab75d59dc02eb7ab79ff6d5acb1243f4a
  mini_mime (1.1.5) sha256=8681b7e2e4215f2a159f9400b5816d85e9d8c6c6b491e96a12797e798f8bccef
  minitest (5.25.4) sha256=9cf2cae25ac4dfc90c988ebc3b917f53c054978b673273da1bd20bcb0778f947
  msgpack (1.8.0) sha256=e64ce0212000d016809f5048b48eb3a65ffb169db22238fb4b72472fecb2d732
  multi_test (1.1.0) sha256=e9e550cdd863fb72becfe344aefdcd4cbd26ebf307847f4a6c039a4082324d10
  nenv (0.3.0) sha256=d9de6d8fb7072228463bf61843159419c969edb34b3cef51832b516ae7972765
  net-http (0.6.0) sha256=9621b20c137898af9d890556848c93603716cab516dc2c89b01a38b894e259fb
  net-imap (0.5.6) sha256=1ede8048ee688a14206060bf37a716d18cb6ea00855f6c9b15daee97ee51fbe5
  net-pop (0.1.2) sha256=848b4e982013c15b2f0382792268763b748cce91c9e91e36b0f27ed26420dff3
  net-protocol (0.2.2) sha256=aa73e0cba6a125369de9837b8d8ef82a61849360eba0521900e2c3713aa162a8
  net-smtp (0.5.1) sha256=ed96a0af63c524fceb4b29b0d352195c30d82dd916a42f03c62a3a70e5b70736
  nio4r (2.7.4) sha256=d95dee68e0bb251b8ff90ac3423a511e3b784124e5db7ff5f4813a220ae73ca9
  nokogiri (1.18.3-aarch64-linux-gnu) sha256=cab20305133078a8f6b60cf96311b48319175038cc7772e5ec586ff624cb7838
  nokogiri (1.18.3-arm64-darwin) sha256=ce088965cd424b8e752d82087dcf017069d55791f157098ed1f671d966857610
  nokogiri (1.18.3-x86_64-linux-gnu) sha256=3c7ad5cee39855ed9c746065f39b584b9fd2aaff61df02d0f85ba8d671bbe497
  notiffany (0.1.3) sha256=d37669605b7f8dcb04e004e6373e2a780b98c776f8eb503ac9578557d7808738
  ostruct (0.6.1) sha256=09a3fb7ecc1fa4039f25418cc05ae9c82bd520472c5c6a6f515f03e4988cb817
  pagy (6.5.0) sha256=3b2418e79bd67abbac820dddaf6fd76665bac4170b2fef0f4a601a6400ef1a07
  parallel (1.26.3) sha256=d86babb7a2b814be9f4b81587bf0b6ce2da7d45969fab24d8ae4bf2bb4d4c7ef
  parser (3.3.7.1) sha256=7dbe61618025519024ac72402a6677ead02099587a5538e84371b76659e6aca1
  pdf-reader (2.14.1) sha256=b45a4521c249a394ad7ad9e691bfd46d4d00998cfc4f019e4525afb4963b411b
  pg (1.5.9) sha256=761efbdf73b66516f0c26fcbe6515dc7500c3f0aa1a1b853feae245433c64fdc
  pp (0.6.2) sha256=947ec3120c6f92195f8ee8aa25a7b2c5297bb106d83b41baa02983686577b6ff
  pragmatic_segmenter (0.3.24) sha256=3c3709953efc06cd6a81c26bf7eeb083ace6f116932799b77f83b17aef4534c9
  prettyprint (0.2.0) sha256=2bc9e15581a94742064a3cc8b0fb9d45aae3d03a1baa6ef80922627a0766f193
  pry (0.15.2) sha256=12d54b8640d3fa29c9211dd4ffb08f3fd8bf7a4fd9b5a73ce5b59c8709385b6b
  psych (5.2.3) sha256=84a54bb952d14604fea22d99938348814678782f58b12648fcdfa4d2fce859ee
  public_suffix (6.0.1) sha256=61d44e1cab5cbbbe5b31068481cf16976dd0dc1b6b07bd95617ef8c5e3e00c6f
  puma (6.6.0) sha256=f25c06873eb3d5de5f0a4ebc783acc81a4ccfe580c760cfe323497798018ad87
  raabro (1.4.0) sha256=d4fa9ff5172391edb92b242eed8be802d1934b1464061ae5e70d80962c5da882
  racc (1.8.1) sha256=4a7f6929691dbec8b5209a0b373bc2614882b55fc5d2e447a21aaa691303d62f
  rack (2.2.13) sha256=ccee101719696a5da12ee9da6fb3b1d20cb329939e089e0e458be6e93667f0fb
  rack-cors (2.0.2) sha256=415d4e1599891760c5dc9ef0349c7fecdf94f7c6a03e75b2e7c2b54b82adda1b
  rack-session (1.0.2) sha256=a02115e5420b4de036839b9811e3f7967d73446a554b42aa45106af335851d76
  rack-test (2.2.0) sha256=005a36692c306ac0b4a9350355ee080fd09ddef1148a5f8b2ac636c720f5c463
  rackup (1.0.1) sha256=ba86604a28989fe1043bff20d819b360944ca08156406812dca6742b24b3c249
  rails (7.2.2.1) sha256=aedb1604b40f4e43b5e8066e5a1aa34dae02c33aa9669b21fd4497d0f8c9bb40
  rails-dom-testing (2.2.0) sha256=e515712e48df1f687a1d7c380fd7b07b8558faa26464474da64183a7426fa93b
  rails-html-sanitizer (1.6.2) sha256=35fce2ca8242da8775c83b6ba9c1bcaad6751d9eb73c1abaa8403475ab89a560
  railties (7.2.2.1) sha256=e3f11bf116dd6d0d874522843ccc70ec0f89fbfed3e9c2ee48a4778cd042fe1f
  rainbow (3.1.1) sha256=039491aa3a89f42efa1d6dec2fc4e62ede96eb6acd95e52f1ad581182b79bc6a
  rake (13.2.1) sha256=46cb38dae65d7d74b6020a4ac9d48afed8eb8149c040eccf0523bec91907059d
  ransack (4.3.0) sha256=48e141814eb4af8a5cc4e9890b7a088fe818c9996c6b8c846f11104b4c12e8b1
  rb-fsevent (0.11.2) sha256=43900b972e7301d6570f64b850a5aa67833ee7d87b458ee92805d56b7318aefe
  rb-inotify (0.11.1) sha256=a0a700441239b0ff18eb65e3866236cd78613d6b9f78fea1f9ac47a85e47be6e
  rdoc (6.12.0) sha256=7d6f706e070bffa5d18a448f24076cbfb34923a99c1eab842aa18e6ca69f56e0
  regexp_parser (2.10.0) sha256=cb6f0ddde88772cd64bff1dbbf68df66d376043fe2e66a9ef77fcb1b0c548c61
  reline (0.6.0) sha256=57620375dcbe56ec09bac7192bfb7460c716bbf0054dc94345ecaa5438e539d2
  responders (3.1.1) sha256=92f2a87e09028347368639cfb468f5fefa745cb0dc2377ef060db1cdd79a341a
  rexml (3.4.1) sha256=c74527a9a0a04b4ec31dbe0dc4ed6004b960af943d8db42e539edde3a871abca
  rspec (3.13.0) sha256=d490914ac1d5a5a64a0e1400c1d54ddd2a501324d703b8cfe83f458337bab993
  rspec-core (3.13.3) sha256=25136507f4f9cf2e8977a2851e64e438b4331646054e345998714108745cdfe4
  rspec-expectations (3.13.3) sha256=0e6b5af59b900147698ea0ff80456c4f2e69cac4394fbd392fbd1ca561f66c58
  rspec-mocks (3.13.2) sha256=2327335def0e1665325a9b617e3af9ae20272741d80ac550336309a7c59abdef
  rspec-rails (7.1.1) sha256=e15dccabed211e2fd92f21330c819adcbeb1591c1d66c580d8f2d8288557e331
  rspec-support (3.13.2) sha256=cea3a2463fd9b84b9dcc9685efd80ea701aa8f7b3decb3b3ce795ed67737dbec
  rswag-api (2.16.0) sha256=b653f7bd92e98be18b01ab4525d88950d7b0960e293a99f856b9efcee3ae6074
  rswag-specs (2.16.0) sha256=8ba26085c408b0bd2ed21dc8015c80f417c7d34c63720ab7133c2549b5bd2a91
  rswag-ui (2.16.0) sha256=a1f49e927dceda92e6e6e7c1000f1e217ee66c565f69e28131dc98b33cd3a04f
  rtesseract (3.1.3) sha256=a7dd697c6d6e7ec39149fce50a6c2f75a12e701afb86fdc0f7ad2a7893274d9d
  rubocop (1.72.2) sha256=0259a32d89fee60882bf4c4d8847e696357719c9db4971839da742bf053ae96b
  rubocop-ast (1.38.1) sha256=80ecbe2ac9bb26693cab9405bf72b41b85a1f909f20f021b983c32c2e7d857fe
  rubocop-capybara (2.21.0) sha256=5d264efdd8b6c7081a3d4889decf1451a1cfaaec204d81534e236bc825b280ab
  rubocop-factory_bot (2.26.1) sha256=8de13cd4edcee5ca800f255188167ecef8dbfc3d1fae9f15734e9d2e755392aa
  rubocop-rails (2.30.3) sha256=fc5a6506daa916d15e282cc806943afa64a020bf592b93a94025d89a2a78a715
  rubocop-rspec (3.5.0) sha256=710c942fe1af884ba8eea75cbb8bdbb051929a2208880a6fc2e2dce1eed5304c
  rubocop-rspec_rails (2.30.0) sha256=888112e83f9d7ef7ad2397e9d69a0b9614a4bae24f072c399804a180f80c4c46
  ruby-progressbar (1.13.0) sha256=80fc9c47a9b640d6834e0dc7b3c94c9df37f08cb072b7761e4a71e22cff29b33
  ruby-rc4 (0.1.5) sha256=00cc40a39d20b53f5459e7ea006a92cf584e9bc275e2a6f7aa1515510e896c03
  ruby2_keywords (0.0.5) sha256=ffd13740c573b7301cf7a2e61fc857b2a8e3d3aff32545d6f8300d8bae10e3ef
  sassc (2.4.0) sha256=4c60a2b0a3b36685c83b80d5789401c2f678c1652e3288315a1551d811d9f83e
  sassc-rails (2.1.2) sha256=5f4fdf3881fc9bdc8e856ffbd9850d70a2878866feae8114aa45996179952db5
  securerandom (0.4.1) sha256=cc5193d414a4341b6e225f0cb4446aceca8e50d5e1888743fac16987638ea0b1
  sentry-rails (5.22.4) sha256=79efc31b72ec7deb68a1ec6c63f0aeb1b76549af0ff57a6cbed2c0b5d71a2d9f
  sentry-ruby (5.22.4) sha256=e48daf000ab386958a8f8f6c200be29b0b2ef24f23384b7fe7c5eccec091a82c
  shellany (0.0.1) sha256=0e127a9132698766d7e752e82cdac8250b6adbd09e6c0a7fbbb6f61964fedee7
  sib-api-v3-sdk (9.1.0) sha256=a8a3fb9c1b0eee304af33be0d14b50dcb2b55cd30003e8b068ea853e8a8dad58
  sprockets (4.2.1) sha256=951b13dd2f2fcae840a7184722689a803e0ff9d2702d902bd844b196da773f97
  sprockets-rails (3.5.2) sha256=a9e88e6ce9f8c912d349aa5401509165ec42326baf9e942a85de4b76dbc4119e
  stimulus-rails (1.3.4) sha256=765676ffa1f33af64ce026d26b48e8ffb2e0b94e0f50e9119e11d6107d67cb06
  stringio (3.1.5) sha256=bca92461515a131535743bc81d5559fa1de7d80cff9a654d6c0af6f9f27e35c8
  strip_attributes (2.0.0) sha256=7f3c914c9562043fd13b13981d7780d93dcaa2d8c34a542860f32f99e1671a41
  sys-uname (1.3.1) sha256=b7b3eb817a9dd4a2f26a8b616a4f150ab1b79f4682d7538ceb992c8b7346f49c
  thor (1.3.2) sha256=eef0293b9e24158ccad7ab383ae83534b7ad4ed99c09f96f1a6b036550abbeda
  tilt (2.6.0) sha256=263d748466e0d83e510aa1a2e2281eff547937f0ef06be33d3632721e255f76b
  timeout (0.4.3) sha256=9509f079b2b55fe4236d79633bd75e34c1c1e7e3fb4b56cb5fda61f80a0fe30e
  ttfunk (1.8.0) sha256=a7cbc7e489cc46e979dde04d34b5b9e4f5c8f1ee5fc6b1a7be39b829919d20ca
  turbo-rails (2.0.13) sha256=c40ac0a3ccd57c129925c8ac524a5dfd1e17fad080906e2d32135721a8bba22f
  typhoeus (1.4.1) sha256=1c17db8364bd45ab302dc61e460173c3e69835896be88a3df07c206d5c55ef7c
  tzinfo (2.0.6) sha256=8daf828cc77bcf7d63b0e3bdb6caa47e2272dcfaf4fbfe46f8c3a9df087a829b
  unicode-display_width (2.6.0) sha256=12279874bba6d5e4d2728cef814b19197dbb10d7a7837a869bab65da943b7f5a
  uri (1.0.3) sha256=e9f2244608eea2f7bc357d954c65c910ce0399ca5e18a7a29207ac22d8767011
  useragent (0.16.11) sha256=700e6413ad4bb954bb63547fa098dddf7b0ebe75b40cc6f93b8d54255b173844
  vcr (6.3.1) sha256=37b56e157e720446a3f4d2d39919cabef8cb7b6c45936acffd2ef8229fec03ed
  view_component (2.83.0) sha256=101a173b263ba539302ae2dbd88da0628e16f6864535f9838116ce1cb749978c
  web-console (4.2.1) sha256=e7bcf37a10ea2b4ec4281649d1cee461b32232d0a447e82c786e6841fd22fe20
  webmock (3.25.1) sha256=ab9d5d9353bcbe6322c83e1c60a7103988efc7b67cd72ffb9012629c3d396323
  webrick (1.9.1) sha256=b42d3c94f166f3fb73d87e9b359def9b5836c426fc8beacf38f2184a21b2a989
  websocket-driver (0.7.7) sha256=056d99f2cd545712cfb1291650fde7478e4f2661dc1db6a0fa3b966231a146b4
  websocket-extensions (0.1.5) sha256=1c6ba63092cda343eb53fc657110c71c754c56484aad42578495227d717a8241
  xpath (3.2.0) sha256=6dfda79d91bb3b949b947ecc5919f042ef2f399b904013eb3ef6d20dd3a4082e
  zeitwerk (2.7.2) sha256=842e067cb11eb923d747249badfb5fcdc9652d6f20a1f06453317920fdcd4673

RUBY VERSION
   ruby 3.4.2p28

BUNDLED WITH
   2.6.4
